GIT
  remote: git@github.com:newrelic-platform/newrelic_plugin.git
  revision: e5c20e1a333d6de16be1c690e5e5704bf7637ce8
  specs:
    newrelic_plugin (0.3.0)
      faraday (>= 0.8.1)
      json

GEM
  remote: http://rubygems.org/
  specs:
    faraday (0.8.7)
      multipart-post (~> 1.1)
    json (1.8.0)
    multipart-post (1.2.0)

PLATFORMS
  ruby

DEPENDENCIES
  newrelic_plugin!
