GIT
  remote: git@github.com:newrelic-platform/newrelic_plugin.git
  revision: 345deb7a8508680eb54bab0119a9e8c52df484e1
  specs:
    newrelic_plugin (0.2.9)
      faraday (>= 0.8.1)

GEM
  remote: http://rubygems.org/
  specs:
    faraday (0.8.4)
      multipart-post (~> 1.1)
    faraday_middleware (0.9.0)
      faraday (>= 0.7.4, < 0.9)
    multipart-post (1.1.5)
    rabbitmq_manager (0.1.0)
      faraday
      faraday_middleware

PLATFORMS
  ruby

DEPENDENCIES
  newrelic_plugin!
  rabbitmq_manager (~> 0.1.0)
